GIT
  remote: https://github.com/milodky/elastic_search_parser.git
  revision: e216794db728bf418a718548eb35c2265ef8494b
  specs:
    elastic_search_parser (0.0.1)
      activesupport
      andand
      memoist
      rspec

GEM
  remote: https://rubygems.org/
  specs:
    activesupport (4.2.3)
      i18n (~> 0.7)
      json (~> 1.7, >= 1.7.7)
      minitest (~> 5.1)
      thread_safe (~> 0.3, >= 0.3.4)
      tzinfo (~> 1.1)
    andand (1.3.3)
    awesome_print (1.6.1)
    diff-lcs (1.2.5)
    elasticsearch-api (1.0.12)
      multi_json
    faraday (0.9.1)
      multipart-post (>= 1.2, < 3)
    i18n (0.7.0)
    json (1.8.3)
    memoist (0.12.0)
    minitest (5.8.0)
    multi_json (1.11.2)
    multipart-post (2.0.0)
    rspec (3.3.0)
      rspec-core (~> 3.3.0)
      rspec-expectations (~> 3.3.0)
      rspec-mocks (~> 3.3.0)
    rspec-core (3.3.2)
      rspec-support (~> 3.3.0)
    rspec-expectations (3.3.1)
      diff-lcs (>= 1.2.0, < 2.0)
      rspec-support (~> 3.3.0)
    rspec-mocks (3.3.2)
      diff-lcs (>= 1.2.0, < 2.0)
      rspec-support (~> 3.3.0)
    rspec-support (3.3.0)
    thread_safe (0.3.5)
    tzinfo (1.2.2)
      thread_safe (~> 0.1)

PLATFORMS
  ruby

DEPENDENCIES
  activesupport
  awesome_print
  elastic_search_parser!
  elasticsearch-api
  faraday
